RESTRICTION: || (== net6.0) (== netstandard2.0) (== netstandard2.1)
NUGET
  remote: https://api.nuget.org/v3/index.json
    Expecto (9.0.4)
      FSharp.Core (>= 4.6)
      Mono.Cecil (>= 0.11.3)
    Fable.Browser.Blob (1.1.4)
      Fable.Core (>= 3.0)
      FSharp.Core (>= 4.7.2)
    Fable.Browser.Dom (2.4.4)
      Fable.Browser.Blob (>= 1.1.4)
      Fable.Browser.Event (>= 1.4.4)
      Fable.Browser.WebStorage (>= 1.0.4)
      Fable.Core (>= 3.0)
      FSharp.Core (>= 4.7.2)
    Fable.Browser.Event (1.4.5)
      Fable.Browser.Gamepad (>= 1.0.3)
      Fable.Core (>= 3.0)
      FSharp.Core (>= 4.7.2)
    Fable.Browser.Gamepad (1.0.3)
      Fable.Core (>= 3.0)
      FSharp.Core (>= 4.7.2)
    Fable.Browser.Geolocation (1.0.4)
      Fable.Core (>= 3.0)
      FSharp.Core (>= 4.7.2)
    Fable.Browser.MediaQueryList (1.1.5)
      Fable.Browser.Dom (>= 2.4.4)
      Fable.Browser.Event (>= 1.4.4)
      Fable.Core (>= 3.0)
      FSharp.Core (>= 4.7.2)
    Fable.Browser.MediaStream (3.1)
      Fable.Browser.Dom (>= 2.4.4)
      Fable.Browser.Event (>= 1.4.5)
      Fable.Core (>= 3.0)
      FSharp.Core (>= 4.7.2)
    Fable.Browser.Navigator (1.3.4)
      Fable.Browser.Gamepad (>= 1.0.3)
      Fable.Browser.Geolocation (>= 1.0.4)
      Fable.Browser.MediaStream (>= 3.0.3)
      Fable.Browser.Worker (>= 1.0.5)
      Fable.Core (>= 3.1.5)
      FSharp.Core (>= 4.7.2)
    Fable.Browser.Url (1.0.3)
      Fable.Core (>= 3.0)
      FSharp.Core (>= 4.7.2)
    Fable.Browser.WebStorage (1.0.4)
      Fable.Browser.Event (>= 1.4.4)
      Fable.Core (>= 3.0)
      FSharp.Core (>= 4.7.2)
    Fable.Browser.Worker (1.0.5)
      Fable.Browser.Event (>= 1.4.4)
      Fable.Core (>= 3.0)
      FSharp.Core (>= 4.7.2)
    Fable.Browser.XMLHttpRequest (1.1.6)
      Fable.Browser.Blob (>= 1.1.4)
      Fable.Browser.Event (>= 1.4.4)
      Fable.Core (>= 3.0)
      FSharp.Core (>= 4.7.2)
    Fable.Core (3.2.8)
      FSharp.Core (>= 4.7.2)
    Fable.Extras (0.4.2)
      Fable.Browser.MediaQueryList (>= 1.1.1 < 2.0)
      Fable.Browser.Navigator (>= 1.1 < 2.0)
      Fable.Browser.Url (>= 1.0 < 2.0)
      Fable.Core (>= 3.2.4 < 4.0)
      Fable.Fetch (>= 2.2 < 3.0)
      Fable.Promise (>= 2.1 < 3.0)
      Fable.SimpleHttp (>= 3.0 < 4.0)
      FSharp.Core (>= 4.7.2)
    Fable.Fetch (2.3.1)
      Fable.Browser.Blob (>= 1.1.4)
      Fable.Core (>= 3.1.5)
      Fable.Promise (>= 2.2.2)
      FSharp.Core (>= 4.7.2)
    Fable.Mocha (2.15)
      Fable.Core (>= 3.0)
      FSharp.Core (>= 4.7)
    Fable.Promise (2.2.2)
      Fable.Core (>= 3.1.5)
      FSharp.Core (>= 4.7.2)
    Fable.SimpleHttp (3.0)
      Fable.Browser.Dom (>= 1.0)
      Fable.Browser.XMLHttpRequest (>= 1.1)
      Fable.Core (>= 3.0)
      FSharp.Core (>= 4.6.2)
    FSharp.Core (4.7.2)
    Microsoft.CodeCoverage (17.4) - restriction: || (== net6.0) (&& (== netstandard2.0) (>= net462)) (&& (== netstandard2.0) (>= netcoreapp3.1)) (&& (== netstandard2.1) (>= net462)) (&& (== netstandard2.1) (>= netcoreapp3.1))
    Microsoft.NET.Test.Sdk (17.4)
      Microsoft.CodeCoverage (>= 17.4) - restriction: || (== net6.0) (&& (== netstandard2.0) (>= net462)) (&& (== netstandard2.0) (>= netcoreapp3.1)) (&& (== netstandard2.1) (>= net462)) (&& (== netstandard2.1) (>= netcoreapp3.1))
      Microsoft.TestPlatform.TestHost (>= 17.4) - restriction: || (== net6.0) (&& (== netstandard2.0) (>= netcoreapp3.1)) (&& (== netstandard2.1) (>= netcoreapp3.1))
    Microsoft.TestPlatform.ObjectModel (17.4) - restriction: || (== net6.0) (&& (== netstandard2.0) (>= netcoreapp3.1)) (&& (== netstandard2.1) (>= netcoreapp3.1))
      NuGet.Frameworks (>= 5.11)
      System.Reflection.Metadata (>= 1.6)
    Microsoft.TestPlatform.TestHost (17.4) - restriction: || (== net6.0) (&& (== netstandard2.0) (>= netcoreapp3.1)) (&& (== netstandard2.1) (>= netcoreapp3.1))
      Microsoft.TestPlatform.ObjectModel (>= 17.4) - restriction: || (== net6.0) (&& (== netstandard2.0) (>= netcoreapp3.1)) (&& (== netstandard2.1) (>= netcoreapp3.1))
      Newtonsoft.Json (>= 13.0.1) - restriction: || (== net6.0) (&& (== netstandard2.0) (>= netcoreapp3.1)) (&& (== netstandard2.1) (>= netcoreapp3.1))
    Mono.Cecil (0.11.4)
    Newtonsoft.Json (13.0.1) - restriction: || (== net6.0) (&& (== netstandard2.0) (>= netcoreapp3.1)) (&& (== netstandard2.1) (>= netcoreapp3.1))
    NuGet.Frameworks (5.11) - restriction: || (== net6.0) (&& (== netstandard2.0) (>= netcoreapp3.1)) (&& (== netstandard2.1) (>= netcoreapp3.1))
    System.Collections.Immutable (7.0) - restriction: || (== net6.0) (&& (== netstandard2.0) (>= netcoreapp3.1)) (&& (== netstandard2.1) (>= netcoreapp3.1))
      System.Runtime.CompilerServices.Unsafe (>= 6.0)
    System.Reflection.Metadata (5.0) - restriction: || (== net6.0) (&& (== netstandard2.0) (>= netcoreapp3.1)) (&& (== netstandard2.1) (>= netcoreapp3.1))
    System.Runtime.CompilerServices.Unsafe (6.0) - restriction: || (== net6.0) (&& (== netstandard2.0) (>= net6.0)) (&& (== netstandard2.0) (>= netcoreapp3.1)) (&& (== netstandard2.1) (>= net6.0)) (&& (== netstandard2.1) (>= netcoreapp3.1))
    YoloDev.Expecto.TestSdk (0.13.3)
      Expecto (>= 9.0 < 10.0) - restriction: || (== net6.0) (&& (== netstandard2.0) (>= netcoreapp3.1)) (&& (== netstandard2.1) (>= netcoreapp3.1))
      FSharp.Core (>= 4.6.2) - restriction: || (== net6.0) (&& (== netstandard2.0) (>= netcoreapp3.1)) (&& (== netstandard2.1) (>= netcoreapp3.1))
      System.Collections.Immutable (>= 6.0) - restriction: || (== net6.0) (&& (== netstandard2.0) (>= netcoreapp3.1)) (&& (== netstandard2.1) (>= netcoreapp3.1))

GROUP Build
STORAGE: NONE
RESTRICTION: == net6.0
NUGET
  remote: https://api.nuget.org/v3/index.json
    BlackFox.VsWhere (1.1)
      FSharp.Core (>= 4.2.3)
      Microsoft.Win32.Registry (>= 4.7)
    Fake.Core.CommandLineParsing (5.23.1)
      FParsec (>= 1.1.1)
      FSharp.Core (>= 6.0)
    Fake.Core.Context (5.23.1)
      FSharp.Core (>= 6.0)
    Fake.Core.Environment (5.23.1)
      FSharp.Core (>= 6.0)
    Fake.Core.FakeVar (5.23.1)
      Fake.Core.Context (>= 5.23.1)
      FSharp.Core (>= 6.0)
    Fake.Core.Process (5.23.1)
      Fake.Core.Environment (>= 5.23.1)
      Fake.Core.FakeVar (>= 5.23.1)
      Fake.Core.String (>= 5.23.1)
      Fake.Core.Trace (>= 5.23.1)
      Fake.IO.FileSystem (>= 5.23.1)
      FSharp.Core (>= 6.0)
      System.Collections.Immutable (>= 5.0)
    Fake.Core.SemVer (5.20.4)
      FSharp.Core (>= 4.7.2)
    Fake.Core.String (5.23.1)
      FSharp.Core (>= 6.0)
    Fake.Core.Target (5.23.1)
      Fake.Core.CommandLineParsing (>= 5.23.1)
      Fake.Core.Context (>= 5.23.1)
      Fake.Core.Environment (>= 5.23.1)
      Fake.Core.FakeVar (>= 5.23.1)
      Fake.Core.Process (>= 5.23.1)
      Fake.Core.String (>= 5.23.1)
      Fake.Core.Trace (>= 5.23.1)
      FSharp.Control.Reactive (>= 5.0.2)
      FSharp.Core (>= 6.0)
    Fake.Core.Tasks (5.20.4)
      Fake.Core.Trace (>= 5.20.4)
      FSharp.Core (>= 4.7.2)
    Fake.Core.Trace (5.23.1)
      Fake.Core.Environment (>= 5.23.1)
      Fake.Core.FakeVar (>= 5.23.1)
      FSharp.Core (>= 6.0)
    Fake.Core.Xml (5.20.4)
      Fake.Core.String (>= 5.20.4)
      FSharp.Core (>= 4.7.2)
    Fake.DotNet.Cli (5.19.1)
      Fake.Core.Environment (>= 5.19.1)
      Fake.Core.Process (>= 5.19.1)
      Fake.Core.String (>= 5.19.1)
      Fake.Core.Trace (>= 5.19.1)
      Fake.DotNet.MSBuild (>= 5.19.1)
      Fake.DotNet.NuGet (>= 5.19.1)
      Fake.IO.FileSystem (>= 5.19.1)
      FSharp.Core (>= 4.7)
      Mono.Posix.NETStandard (>= 1.0)
      Newtonsoft.Json (>= 12.0.3)
    Fake.DotNet.MSBuild (5.19.1)
      BlackFox.VsWhere (>= 1.0)
      Fake.Core.Environment (>= 5.19.1)
      Fake.Core.Process (>= 5.19.1)
      Fake.Core.String (>= 5.19.1)
      Fake.Core.Trace (>= 5.19.1)
      Fake.IO.FileSystem (>= 5.19.1)
      FSharp.Core (>= 4.7)
      MSBuild.StructuredLogger (>= 2.0.152)
    Fake.DotNet.NuGet (5.20.4)
      Fake.Core.Environment (>= 5.20.4)
      Fake.Core.Process (>= 5.20.4)
      Fake.Core.SemVer (>= 5.20.4)
      Fake.Core.String (>= 5.20.4)
      Fake.Core.Tasks (>= 5.20.4)
      Fake.Core.Trace (>= 5.20.4)
      Fake.Core.Xml (>= 5.20.4)
      Fake.IO.FileSystem (>= 5.20.4)
      Fake.Net.Http (>= 5.20.4)
      FSharp.Core (>= 4.7.2)
      Newtonsoft.Json (>= 12.0.3)
      NuGet.Protocol (>= 5.6)
    Fake.DotNet.Paket (5.19.1)
      Fake.Core.Process (>= 5.19.1)
      Fake.Core.String (>= 5.19.1)
      Fake.Core.Trace (>= 5.19.1)
      Fake.DotNet.Cli (>= 5.19.1)
      Fake.IO.FileSystem (>= 5.19.1)
      FSharp.Core (>= 4.7)
    Fake.IO.FileSystem (5.23.1)
      Fake.Core.String (>= 5.23.1)
      FSharp.Core (>= 6.0)
    Fake.Net.Http (5.20.4)
      Fake.Core.Trace (>= 5.20.4)
      FSharp.Core (>= 4.7.2)
    Fake.Tools.Git (5.19.1)
      Fake.Core.Environment (>= 5.19.1)
      Fake.Core.Process (>= 5.19.1)
      Fake.Core.SemVer (>= 5.19.1)
      Fake.Core.String (>= 5.19.1)
      Fake.Core.Trace (>= 5.19.1)
      Fake.IO.FileSystem (>= 5.19.1)
      FSharp.Core (>= 4.7)
    FParsec (1.1.1)
      FSharp.Core (>= 4.3.4)
    FSharp.Control.Reactive (5.0.5)
      FSharp.Core (>= 4.7.2)
      System.Reactive (>= 5.0 < 6.0)
    FSharp.Core (6.0.7)
    Microsoft.Build (17.2.2)
      Microsoft.Build.Framework (>= 17.2.2)
      Microsoft.NET.StringTools (>= 1.0)
      Microsoft.Win32.Registry (>= 4.3)
      System.Collections.Immutable (>= 5.0)
      System.Configuration.ConfigurationManager (>= 4.7)
      System.Reflection.Metadata (>= 1.6)
      System.Security.Principal.Windows (>= 4.7)
      System.Text.Encoding.CodePages (>= 4.0.1)
      System.Text.Json (>= 6.0)
      System.Threading.Tasks.Dataflow (>= 6.0)
    Microsoft.Build.Framework (17.2.2)
      Microsoft.Win32.Registry (>= 4.3)
      System.Security.Permissions (>= 4.7)
    Microsoft.Build.Tasks.Core (17.2.2)
      Microsoft.Build.Framework (>= 17.2.2)
      Microsoft.Build.Utilities.Core (>= 17.2.2)
      Microsoft.NET.StringTools (>= 1.0)
      Microsoft.Win32.Registry (>= 4.3)
      System.CodeDom (>= 4.4)
      System.Collections.Immutable (>= 5.0)
      System.Reflection.Metadata (>= 1.6)
      System.Resources.Extensions (>= 4.6)
      System.Security.Cryptography.Pkcs (>= 4.7)
      System.Security.Cryptography.Xml (>= 4.7)
      System.Security.Permissions (>= 4.7)
      System.Threading.Tasks.Dataflow (>= 6.0)
    Microsoft.Build.Utilities.Core (17.2.2)
      Microsoft.Build.Framework (>= 17.2.2)
      Microsoft.NET.StringTools (>= 1.0)
      Microsoft.Win32.Registry (>= 4.3)
      System.Collections.Immutable (>= 5.0)
      System.Configuration.ConfigurationManager (>= 4.7)
    Microsoft.NET.StringTools (17.4)
      System.Memory (>= 4.5.5)
      System.Runtime.CompilerServices.Unsafe (>= 6.0)
    Microsoft.Win32.Registry (5.0)
      System.Security.AccessControl (>= 5.0)
      System.Security.Principal.Windows (>= 5.0)
    Microsoft.Win32.SystemEvents (7.0)
    Mono.Posix.NETStandard (1.0)
    MSBuild.StructuredLogger (2.1.746)
      Microsoft.Build (>= 16.10)
      Microsoft.Build.Framework (>= 16.10)
      Microsoft.Build.Tasks.Core (>= 16.10)
      Microsoft.Build.Utilities.Core (>= 16.10)
    Newtonsoft.Json (13.0.2)
    NuGet.Common (6.4)
      NuGet.Frameworks (>= 6.4)
    NuGet.Configuration (6.4)
      NuGet.Common (>= 6.4)
      System.Security.Cryptography.ProtectedData (>= 4.4)
    NuGet.Frameworks (6.4)
    NuGet.Packaging (6.4)
      Newtonsoft.Json (>= 13.0.1)
      NuGet.Configuration (>= 6.4)
      NuGet.Versioning (>= 6.4)
      System.Security.Cryptography.Cng (>= 5.0)
      System.Security.Cryptography.Pkcs (>= 5.0)
    NuGet.Protocol (6.4)
      NuGet.Packaging (>= 6.4)
    NuGet.Versioning (6.4)
    System.CodeDom (7.0)
    System.Collections.Immutable (7.0)
      System.Runtime.CompilerServices.Unsafe (>= 6.0)
    System.Configuration.ConfigurationManager (7.0)
      System.Security.Cryptography.ProtectedData (>= 7.0)
      System.Security.Permissions (>= 7.0)
    System.Drawing.Common (7.0)
      Microsoft.Win32.SystemEvents (>= 7.0)
    System.Formats.Asn1 (7.0)
    System.Memory (4.5.5)
    System.Reactive (5.0)
    System.Reflection.Metadata (7.0)
      System.Collections.Immutable (>= 7.0)
    System.Resources.Extensions (7.0)
    System.Runtime.CompilerServices.Unsafe (6.0)
    System.Security.AccessControl (6.0)
    System.Security.Cryptography.Cng (5.0)
      System.Formats.Asn1 (>= 5.0)
    System.Security.Cryptography.Pkcs (7.0)
      System.Formats.Asn1 (>= 7.0)
    System.Security.Cryptography.ProtectedData (7.0)
    System.Security.Cryptography.Xml (7.0)
      System.Security.Cryptography.Pkcs (>= 7.0)
    System.Security.Permissions (7.0)
      System.Windows.Extensions (>= 7.0)
    System.Security.Principal.Windows (5.0)
    System.Text.Encoding.CodePages (7.0)
      System.Runtime.CompilerServices.Unsafe (>= 6.0)
    System.Text.Encodings.Web (7.0)
      System.Runtime.CompilerServices.Unsafe (>= 6.0)
    System.Text.Json (7.0)
      System.Runtime.CompilerServices.Unsafe (>= 6.0)
      System.Text.Encodings.Web (>= 7.0)
    System.Threading.Tasks.Dataflow (7.0)
    System.Windows.Extensions (7.0)
      System.Drawing.Common (>= 7.0)
